GIT
  remote: https://github.com/himynameisjonas/rack-jekyll.git
  revision: deb3360f21e1b43886dd10758ac5560fa6fd70f8
  specs:
    rack-jekyll (0.3.7)
      jekyll (~> 0.11.0)
      rack (~> 1.3.2)

GEM
  remote: https://rubygems.org/
  specs:
    RedCloth (4.2.9)
    albino (1.3.3)
      posix-spawn (>= 0.3.6)
    classifier (1.3.3)
      fast-stemmer (>= 1.0.0)
    directory_watcher (1.4.1)
    fast-stemmer (1.0.1)
    jekyll (0.11.2)
      albino (~> 1.3)
      classifier (~> 1.3)
      directory_watcher (~> 1.1)
      kramdown (~> 0.13)
      liquid (~> 2.3)
      maruku (~> 0.5)
    kgio (2.7.4)
    kramdown (0.14.0)
    liquid (2.4.1)
    maruku (0.6.1)
      syntax (>= 1.0.0)
    posix-spawn (0.3.6)
    rack (1.3.6)
    raindrops (0.10.0)
    rake (10.0.4)
    rdiscount (1.6.8)
    syntax (1.0.0)
    unicorn (4.4.0)
      kgio (~> 2.6)
      rack
      raindrops (~> 0.7)

PLATFORMS
  ruby

DEPENDENCIES
  RedCloth
  rack-jekyll!
  rake
  rdiscount
  unicorn
